GIT
  remote: git://github.com/schacon/ruby-git.git
  revision: e392283c06fcdc45bd661595f0903869695e629f
  branch: thread_safety
  specs:
    git (1.2.8)

GEM
  remote: https://rubygems.org/
  specs:
    activesupport (4.2.1)
      i18n (~> 0.7)
      json (~> 1.7, >= 1.7.7)
      minitest (~> 5.1)
      thread_safe (~> 0.3, >= 0.3.4)
      tzinfo (~> 1.1)
    bcat (0.6.2)
      rack (~> 1.0)
    daemons (1.2.2)
    dotenv (2.0.1)
    eventmachine (1.0.7)
    figlet (1.1.0)
    i18n (0.7.0)
    json (1.8.3)
    minitest (5.7.0)
    rack (1.6.1)
    rack-protection (1.5.3)
      rack
    sinatra (1.4.6)
      rack (~> 1.4)
      rack-protection (~> 1.4)
      tilt (>= 1.3, < 3)
    slim (3.0.6)
      temple (~> 0.7.3)
      tilt (>= 1.3.3, < 2.1)
    temple (0.7.6)
    thin (1.6.3)
      daemons (~> 1.0, >= 1.0.9)
      eventmachine (~> 1.0)
      rack (~> 1.0)
    thread_safe (0.3.5)
    tilt (2.0.1)
    timeywimey (0.0.1)
      activesupport
    tzinfo (1.2.2)
      thread_safe (~> 0.1)

PLATFORMS
  ruby

DEPENDENCIES
  bcat
  dotenv
  figlet
  git!
  json
  sinatra
  slim
  thin
  timeywimey

BUNDLED WITH
   1.10.3
